GEM
  remote: https://rubygems.org/
  specs:
    sass (3.4.1)

PLATFORMS
  ruby

DEPENDENCIES
  sass
